PATH
  remote: .
  specs:
    cert_lib (0.4.1)
      yajl-ruby

GEM
  remote: http://rubygems.org/
  specs:
    yajl-ruby (1.1.0)

PLATFORMS
  ruby

DEPENDENCIES
  cert_lib!
